GEM
  remote: https://rubygems.org/
  specs:
    ansi (1.5.0)
    base64 (0.2.0)
    diff-lcs (1.6.1)
    docker-api (2.4.0)
      excon (>= 0.64.0)
      multi_json
    excon (1.1.0)
    hashie (5.0.0)
    itamae (1.14.1)
      ansi
      hashie
      schash (~> 0.1.0)
      specinfra (>= 2.64.0, < 3.0.0)
      thor (>= 1.0.0)
    multi_json (1.15.0)
    net-scp (4.1.0)
      net-ssh (>= 2.6.5, < 8.0.0)
    net-ssh (7.3.0)
    net-telnet (0.2.0)
    rake (13.3.0)
    rspec (3.13.0)
      rspec-core (~> 3.13.0)
      rspec-expectations (~> 3.13.0)
      rspec-mocks (~> 3.13.0)
    rspec-core (3.13.3)
      rspec-support (~> 3.13.0)
    rspec-expectations (3.13.3)
      diff-lcs (>= 1.2.0, < 2.0)
      rspec-support (~> 3.13.0)
    rspec-its (2.0.0)
      rspec-core (>= 3.13.0)
      rspec-expectations (>= 3.13.0)
    rspec-mocks (3.13.2)
      diff-lcs (>= 1.2.0, < 2.0)
      rspec-support (~> 3.13.0)
    rspec-support (3.13.2)
    schash (0.1.2)
    serverspec (2.43.0)
      multi_json
      rspec (~> 3.0)
      rspec-its
      specinfra (~> 2.72)
    sfl (2.3)
    specinfra (2.94.0)
      base64
      net-scp
      net-ssh (>= 2.7)
      net-telnet
      sfl
    thor (1.4.0)

PLATFORMS
  ruby

DEPENDENCIES
  docker-api
  itamae
  net-scp (>= 3.0.0)
  net-ssh
  rake
  serverspec

BUNDLED WITH
   2.5.11
